GEM
  remote: https://rubygems.org/
  specs:
    attr_extras (6.2.4)
    clipboard (1.3.5)
    coderay (1.1.3)
    diff-lcs (1.4.4)
    method_source (1.0.0)
    patience_diff (1.1.0)
      trollop (~> 1.16)
    pry (0.13.1)
      coderay (~> 1.1)
      method_source (~> 1.0)
    rspec (3.10.0)
      rspec-core (~> 3.10.0)
      rspec-expectations (~> 3.10.0)
      rspec-mocks (~> 3.10.0)
    rspec-core (3.10.1)
      rspec-support (~> 3.10.0)
    rspec-expectations (3.10.1)
      diff-lcs (>= 1.2.0, < 2.0)
      rspec-support (~> 3.10.0)
    rspec-mocks (3.10.1)
      diff-lcs (>= 1.2.0, < 2.0)
      rspec-support (~> 3.10.0)
    rspec-support (3.10.1)
    super_diff (0.5.3)
      attr_extras (>= 6.2.4)
      diff-lcs
      patience_diff
    trollop (1.16.2)

PLATFORMS
  ruby

DEPENDENCIES
  clipboard
  pry
  rspec
  super_diff

RUBY VERSION
   ruby 2.5.5p157

BUNDLED WITH
   1.17.3
